GEM
  remote: https://rubygems.org/
  remote: http://gems.bleacherreport.com/
  specs:
    aggregate (0.2.2)
    faraday (0.8.7)
      multipart-post (~> 1.1)
    json (1.7.7)
    librato-metrics (1.0.4)
      aggregate (~> 0.2.2)
      faraday (~> 0.7)
      multi_json
    multi_json (1.7.2)
    multipart-post (1.2.0)
    rake (10.0.4)

PLATFORMS
  ruby

DEPENDENCIES
  json
  librato-metrics
  rake
